GEM
  remote: https://rubygems.org/
  specs:
    coderay (1.1.3)
    cuba (3.9.3)
      rack (>= 1.6.0)
    daemons (1.4.1)
    dotenv (2.7.6)
    eventmachine (1.2.7)
    ffi (1.15.5)
    ffi-compiler (1.0.1)
      ffi (>= 1.0.0)
      rake
    formatador (1.1.0)
    guard (2.18.0)
      formatador (>= 0.2.4)
      listen (>= 2.7, < 4.0)
      lumberjack (>= 1.0.12, < 2.0)
      nenv (~> 0.1)
      notiffany (~> 0.0)
      pry (>= 0.13.0)
      shellany (~> 0.0)
      thor (>= 0.18.1)
    guard-rack (2.2.1)
      ffi
      guard (~> 2.3)
      spoon
    hamlit (2.16.0)
      temple (>= 0.8.2)
      thor
      tilt
    hiredis (0.6.3)
    io-console (0.5.11)
    iodine (0.7.45)
    irb (1.4.1)
      reline (>= 0.3.0)
    listen (3.7.1)
      rb-fsevent (~> 0.10, >= 0.10.3)
      rb-inotify (~> 0.9, >= 0.9.10)
    lumberjack (1.2.8)
    method_source (1.0.0)
    nenv (0.3.0)
    nest (3.2.0)
      redic
    notiffany (0.1.3)
      nenv (~> 0.1)
      shellany (~> 0.0)
    ohm (3.1.1)
      nest (~> 3)
      redic (~> 1.5.0)
      stal
    pry (0.14.1)
      coderay (~> 1.1)
      method_source (~> 1.0)
    rack (2.2.3)
    rake (13.0.6)
    rb-fsevent (0.11.1)
    rb-inotify (0.10.1)
      ffi (~> 1.0)
    redic (1.5.3)
      hiredis
    reline (0.3.1)
      io-console (~> 0.5)
    scrivener (1.1.1)
    scrypt (3.0.7)
      ffi-compiler (>= 1.0, < 2.0)
    shellany (0.0.1)
    spoon (0.0.6)
      ffi
    stal (0.3.0)
      redic (~> 1.5)
    temple (0.8.2)
    thin (1.8.1)
      daemons (~> 1.0, >= 1.0.9)
      eventmachine (~> 1.0, >= 1.0.4)
      rack (>= 1, < 3)
    thor (1.2.1)
    tilt (2.0.10)

PLATFORMS
  x86_64-linux-musl

DEPENDENCIES
  cuba
  dotenv
  guard-rack
  hamlit
  iodine
  irb
  ohm
  rake
  scrivener
  scrypt
  thin
  tilt

BUNDLED WITH
   2.3.9
