GEM
  remote: https://rubygems.org/
  specs:
    activesupport (7.0.2.2)
      concurrent-ruby (~> 1.0, >= 1.0.2)
      i18n (>= 1.6, < 2)
      minitest (>= 5.1)
      tzinfo (~> 2.0)
    addressable (2.8.0)
      public_suffix (>= 2.0.2, < 5.0)
    argon2 (2.1.1)
      ffi (~> 1.14)
      ffi-compiler (~> 1.0)
    ast (2.4.2)
    bigdecimal (3.1.2)
    capybara (3.36.0)
      addressable
      matrix
      mini_mime (>= 0.1.3)
      nokogiri (~> 1.8)
      rack (>= 1.6.0)
      rack-test (>= 0.6.3)
      regexp_parser (>= 1.5, < 3.0)
      xpath (~> 3.2)
    chunky_png (1.4.0)
    coderay (1.1.3)
    concurrent-ruby (1.1.9)
    cuba (3.9.3)
      rack (>= 1.6.0)
    daemons (1.4.1)
    date (3.2.2)
    dotenv (2.7.6)
    eventmachine (1.2.7)
    ffi (1.15.5)
    ffi-compiler (1.0.1)
      ffi (>= 1.0.0)
      rake
    hamlit (2.16.0)
      temple (>= 0.8.2)
      thor
      tilt
    hamlit-boolean_attributes (0.1.0)
      hamlit (>= 2.0.0)
    hiredis (0.6.3)
    i18n (1.10.0)
      concurrent-ruby (~> 1.0)
    iodine (0.7.45)
    logger (1.5.0)
    mail (2.7.1)
      mini_mime (>= 0.1.1)
    matrix (0.4.2)
    method_source (1.0.0)
    mini_mime (1.1.2)
    minitest (5.15.0)
    nest (3.2.0)
      redic
    nokogiri (1.13.3-x86_64-linux)
      racc (~> 1.4)
    ohm (3.1.1)
      nest (~> 3)
      redic (~> 1.5.0)
      stal
    openssl (3.0.0)
    pagy (5.10.1)
      activesupport
    parallel (1.21.0)
    parser (3.1.1.0)
      ast (~> 2.4.1)
    pony (1.13.1)
      mail (>= 2.0)
    pry (0.14.1)
      coderay (~> 1.1)
      method_source (~> 1.0)
    public_suffix (4.0.6)
    racc (1.6.0)
    rack (2.2.3)
    rack-protection (2.2.0)
      rack
    rack-test (1.1.0)
      rack (>= 1.0, < 3)
    rainbow (3.1.1)
    rake (13.0.6)
    rbnacl (7.1.1)
      ffi
    redic (1.5.3)
      hiredis
    regexp_parser (2.2.1)
    rexml (3.2.5)
    rqrcode (2.1.1)
      chunky_png (~> 1.0)
      rqrcode_core (~> 1.0)
    rqrcode_core (1.2.0)
    rubocop (1.25.1)
      parallel (~> 1.10)
      parser (>= 3.1.0.0)
      rainbow (>= 2.2.2, < 4.0)
      regexp_parser (>= 1.8, < 3.0)
      rexml
      rubocop-ast (>= 1.15.1, < 2.0)
      ruby-progressbar (~> 1.7)
      unicode-display_width (>= 1.4.0, < 3.0)
    rubocop-ast (1.16.0)
      parser (>= 3.1.1.0)
    ruby-progressbar (1.11.0)
    scrivener (1.1.1)
    shotgun (0.9.2)
      rack (>= 1.0)
    stal (0.3.0)
      redic (~> 1.5)
    sucker_punch (3.0.1)
      concurrent-ruby (~> 1.0)
    temple (0.8.2)
    thin (1.8.1)
      daemons (~> 1.0, >= 1.0.9)
      eventmachine (~> 1.0, >= 1.0.4)
      rack (>= 1, < 3)
    thor (1.2.1)
    tilt (2.0.10)
    tzinfo (2.0.4)
      concurrent-ruby (~> 1.0)
    unicode-display_width (2.1.0)
    xpath (3.2.0)
      nokogiri (~> 1.8)

PLATFORMS
  x86_64-linux-musl

DEPENDENCIES
  argon2
  bigdecimal
  capybara
  cuba
  date
  dotenv
  hamlit
  hamlit-boolean_attributes
  iodine
  logger
  minitest
  ohm
  openssl
  pagy
  pony
  pry
  rack-protection
  rake
  rbnacl
  rqrcode
  rubocop
  scrivener
  shotgun
  sucker_punch
  thin
  tilt

BUNDLED WITH
   2.3.7
