GEM
  remote: https://rubygems.org/
  specs:
    acme-client (2.0.9)
      faraday (>= 0.17, < 2.0.0)
    dotenv (2.7.6)
    escape_utils (1.2.1)
    ever (0.1)
    extralite (1.14)
    extralite-bundle (1.14)
    faraday (1.10.0)
      faraday-em_http (~> 1.0)
      faraday-em_synchrony (~> 1.0)
      faraday-excon (~> 1.1)
      faraday-httpclient (~> 1.0)
      faraday-multipart (~> 1.0)
      faraday-net_http (~> 1.0)
      faraday-net_http_persistent (~> 1.0)
      faraday-patron (~> 1.0)
      faraday-rack (~> 1.0)
      faraday-retry (~> 1.0)
      ruby2_keywords (>= 0.0.4)
    faraday-em_http (1.0.0)
    faraday-em_synchrony (1.0.0)
    faraday-excon (1.1.0)
    faraday-httpclient (1.0.1)
    faraday-multipart (1.0.3)
      multipart-post (>= 1.2, < 3)
    faraday-net_http (1.0.1)
    faraday-net_http_persistent (1.2.0)
    faraday-patron (1.0.0)
    faraday-rack (1.0.0)
    faraday-retry (1.0.3)
    ffi (1.15.5)
    ffi-compiler (1.0.1)
      ffi (>= 1.0.0)
      rake
    h1p (0.5)
    hamlit (2.16.0)
      temple (>= 0.8.2)
      thor
      tilt
    http-2 (0.11.0)
    localhost (1.1.9)
    msgpack (1.4.5)
    multipart-post (2.1.1)
    mustermann (1.1.1)
      ruby2_keywords (~> 0.0.1)
    polyphony (0.91)
    qeweney (0.18)
      escape_utils (~> 1.2.1)
    rack (2.2.3)
    rack-protection (2.2.0)
      rack
    rake (13.0.6)
    ruby2_keywords (0.0.5)
    scrypt (3.0.7)
      ffi-compiler (>= 1.0, < 2.0)
    sequel (5.54.0)
    sinatra (2.2.0)
      mustermann (~> 1.0)
      rack (~> 2.2)
      rack-protection (= 2.2.0)
      tilt (~> 2.0)
    temple (0.8.2)
    thor (1.2.1)
    tilt (2.0.10)
    tipi (0.52)
      acme-client (~> 2.0.9)
      ever (~> 0.1)
      extralite (~> 1.14)
      h1p (~> 0.4)
      http-2 (~> 0.11)
      localhost (~> 1.1.4)
      msgpack (~> 1.4.2)
      polyphony (~> 0.80)
      qeweney (~> 0.18)
      rack (>= 2.0.8, < 2.3.0)
      websocket (~> 1.2.8)
    websocket (1.2.9)

PLATFORMS
  x86_64-linux-musl

DEPENDENCIES
  dotenv
  extralite-bundle
  hamlit
  scrypt
  sequel
  sinatra
  tipi

BUNDLED WITH
   2.3.9
